GEM
  remote: https://rubygems.org/
  specs:
    rexml (3.2.5)

PLATFORMS
  x86_64-darwin-19
  x86_64-linux

DEPENDENCIES
  rexml

BUNDLED WITH
   2.2.15
